GEM
  remote: https://rubygems.org/
  specs:
    nokogiri (1.5.4)
    open4 (1.3.0)

PLATFORMS
  ruby

DEPENDENCIES
  nokogiri
  open4
